PATH
  remote: .
  specs:
    sandoz (0.1.4)
      opal (~> 0.9)
      sinatra (~> 1.4)

GEM
  remote: https://rubygems.org/
  specs:
    concurrent-ruby (1.0.0)
    hike (1.2.3)
    opal (0.9.2)
      hike (~> 1.2)
      sourcemap (~> 0.1.0)
      sprockets (~> 3.1)
      tilt (>= 1.4)
    rack (1.6.4)
    rack-protection (1.5.3)
      rack
    rake (10.4.2)
    sinatra (1.4.7)
      rack (~> 1.5)
      rack-protection (~> 1.4)
      tilt (>= 1.3, < 3)
    sourcemap (0.1.1)
    sprockets (3.5.2)
      concurrent-ruby (~> 1.0)
      rack (> 1, < 3)
    tilt (2.0.2)

PLATFORMS
  ruby

DEPENDENCIES
  bundler (~> 1.11)
  opal
  rake
  sandoz!
  sinatra

BUNDLED WITH
   1.11.2
